GEM
  remote: http://rubygems.org/
  specs:
    actionmailer (2.3.11)
      actionpack (= 2.3.11)
    actionpack (2.3.11)
      activesupport (= 2.3.11)
      rack (~> 1.1.0)
    activerecord (2.3.11)
      activesupport (= 2.3.11)
    activeresource (2.3.11)
      activesupport (= 2.3.11)
    activesupport (2.3.11)
    archive-tar-minitar (0.5.2)
    assert2 (0.5.5)
    aws-s3 (0.6.2)
      builder
      mime-types
      xml-simple
    builder (3.0.0)
    columnize (0.3.4)
    cucumber (1.0.2)
      builder (>= 2.1.2)
      diff-lcs (>= 1.1.2)
      gherkin (~> 2.4.5)
      json (>= 1.4.6)
      term-ansicolor (>= 1.0.5)
    cucumber-rails (0.3.2)
      cucumber (>= 0.8.0)
    database_cleaner (0.5.0)
    diff-lcs (1.1.3)
    email_spec (0.6.6)
      rspec
    gherkin (2.4.21)
      json (>= 1.4.6)
    hoe (2.12.3)
      rake (~> 0.8)
    hoptoad_notifier (2.4.11)
      activesupport
      builder
    htmlentities (4.2.4)
    json (1.4.6)
    linecache19 (0.5.12)
      ruby_core_source (>= 0.1.4)
    macaddr (1.0.0)
    mime-types (1.16)
    mysql (2.8.1)
    newrelic_rpm (3.1.2)
    nokogiri (1.4.1)
    pg (0.11.0)
    rack (1.1.2)
    rack-test (0.6.1)
      rack (>= 1.0)
    rails (2.3.11)
      actionmailer (= 2.3.11)
      actionpack (= 2.3.11)
      activerecord (= 2.3.11)
      activeresource (= 2.3.11)
      activesupport (= 2.3.11)
      rake (>= 0.8.3)
    rake (0.9.2)
    rdoc (3.9.4)
    rspec (1.3.2)
    rspec-rails (1.3.4)
      rack (>= 1.0.0)
      rspec (~> 1.3.1)
    ruby-debug-base19 (0.11.25)
      columnize (>= 0.3.1)
      linecache19 (>= 0.5.11)
      ruby_core_source (>= 0.1.4)
    ruby-debug19 (0.11.6)
      columnize (>= 0.3.1)
      linecache19 (>= 0.5.11)
      ruby-debug-base19 (>= 0.11.19)
    ruby-openid (2.1.8)
    ruby_core_source (0.1.5)
      archive-tar-minitar (>= 0.5.2)
    spork (0.8.5)
    term-ansicolor (1.0.5)
    test-unit (1.2.3)
      hoe (>= 1.5.1)
    timecop (0.3.5)
    uuid (2.2.0)
      macaddr (~> 1.0)
    webrat (0.7.3)
      nokogiri (>= 1.2.0)
      rack (>= 1.0)
      rack-test (>= 0.5.3)
    xml-simple (1.1.0)

PLATFORMS
  ruby

DEPENDENCIES
  assert2 (= 0.5.5)
  aws-s3 (>= 0.6.2)
  cucumber (>= 0.9.2)
  cucumber-rails (= 0.3.2)
  database_cleaner (= 0.5.0)
  email_spec (~> 0.6.2)
  gherkin (>= 2.2.8)
  hoptoad_notifier (>= 2.3.12)
  htmlentities (~> 4.2.1)
  json (~> 1.4.6)
  macaddr (~> 1.0.0)
  mysql (~> 2.8.1)
  newrelic_rpm (>= 2.14.1)
  nokogiri (= 1.4.1)
  pg (~> 0.7)
  rack (>= 1.1.0)
  rails (= 2.3.11)
  rake (>= 0.8.7)
  rdoc
  rspec (~> 1.3)
  rspec-rails (~> 1.3)
  ruby-debug19
  ruby-openid (~> 2.1.8)
  spork (>= 0.5.7)
  term-ansicolor (= 1.0.5)
  test-unit (= 1.2.3)
  timecop (>= 0.2.1)
  uuid (~> 2.2.0)
  webrat (>= 0.7.0)
  win32-process (= 0.6.5)
  win32console (= 1.3.0)
