GEM
  remote: http://rubygems.org/
  specs:
    actionmailer (2.3.5)
      actionpack (= 2.3.5)
    actionpack (2.3.5)
      activesupport (= 2.3.5)
      rack (~> 1.0.0)
    activerecord (2.3.5)
      activesupport (= 2.3.5)
    activeresource (2.3.5)
      activesupport (= 2.3.5)
    activesupport (2.3.5)
    assert2 (0.5.5)
    builder (2.1.2)
    cucumber (0.9.2)
      builder (~> 2.1.2)
      diff-lcs (~> 1.1.2)
      gherkin (~> 2.2.5)
      json (~> 1.4.6)
      term-ansicolor (~> 1.0.5)
    cucumber-rails (0.3.2)
      cucumber (>= 0.8.0)
    database_cleaner (0.5.0)
    diff-lcs (1.1.2)
    email_spec (0.6.2)
    gherkin (2.2.9-x86-mingw32)
      json (~> 1.4.6)
      term-ansicolor (~> 1.0.5)
    hoptoad_notifier (2.1.3)
      activesupport
    htmlentities (4.2.1)
    json (1.4.6-x86-mingw32)
    macaddr (1.0.0)
    mysql (2.8.1-x86-mingw32)
    nokogiri (1.4.3.1-x86-mingw32)
    rack (1.0.1)
    rack-test (0.5.7)
      rack (>= 1.0)
    rails (2.3.5)
      actionmailer (= 2.3.5)
      actionpack (= 2.3.5)
      activerecord (= 2.3.5)
      activeresource (= 2.3.5)
      activesupport (= 2.3.5)
      rake (>= 0.8.3)
    rake (0.8.7)
    rspec (1.3.1)
    rspec-rails (1.3.3)
      rack (>= 1.0.0)
      rspec (= 1.3.1)
    ruby-openid (2.1.8)
    spork (0.8.4)
    term-ansicolor (1.0.5)
    timecop (0.3.5)
    uuid (2.3.1)
      macaddr (~> 1.0)
    webrat (0.7.1)
      nokogiri (>= 1.2.0)
      rack (>= 1.0)
      rack-test (>= 0.5.3)
    win32-api (1.4.7-x86-mingw32)
    win32-process (0.6.5)
      windows-pr (>= 1.1.2)
    win32console (1.3.0-x86-mingw32)
    windows-api (0.4.0)
      win32-api (>= 1.4.5)
    windows-pr (1.1.2)
      win32-api (>= 1.4.5)
      windows-api (>= 0.3.0)

PLATFORMS
  x86-mingw32

DEPENDENCIES
  assert2 (= 0.5.5)
  cucumber (= 0.9.2)
  cucumber-rails (= 0.3.2)
  database_cleaner (= 0.5.0)
  email_spec (= 0.6.2)
  hoptoad_notifier (= 2.1.3)
  htmlentities (= 4.2.1)
  json (= 1.4.6)
  macaddr (= 1.0.0)
  mysql (= 2.8.1)
  nokogiri (= 1.4.3.1)
  rack (= 1.0.1)
  rails (= 2.3.5)
  rake (= 0.8.7)
  rspec (= 1.3.1)
  rspec-rails (= 1.3.3)
  ruby-openid (= 2.1.8)
  spork (= 0.8.4)
  term-ansicolor (= 1.0.5)
  timecop (= 0.3.5)
  uuid (= 2.3.1)
  webrat (= 0.7.1)
  win32-process (= 0.6.5)
  win32console (= 1.3.0)
